GEM
  remote: http://rubygems.org/
  specs:
    emk-sinatra-url-for (0.2.1)
      sinatra (>= 0.9.1.1)
    haml (3.0.21)
    rack (1.2.1)
    rack-embed (0.0.1)
    sinatra (1.0)
      rack (>= 1.0)
    sinatra-static-assets (0.5.0)
      emk-sinatra-url-for (>= 0.2.1)
      rack (>= 1.0.0)
      sinatra (>= 0.9.1)

PLATFORMS
  ruby

DEPENDENCIES
  haml
  rack
  rack-embed
  sinatra
  sinatra-static-assets
